NUGET
  remote: https://nuget.org/api/v2
  specs:
    FAKE (4.0.3)
    FAKE.Lib (4.0.3)
    FsCheck (1.0.4)
    FSharp.Core (3.1.2.1)
    FsPickler (1.2.23)
    Hopac (0.0.0.48)
      FSharp.Core (>= 3.1.2.1)
    NUnit (2.6.4)
    NUnit.Runners (2.6.4)
