NUGET
  remote: https://nuget.org/api/v2
  specs:
    FAKE (3.36.0)
    FsCheck (1.0.4)
    FSharp.Core (3.1.2.1)
    FsPickler (1.2.10)
    Hopac (0.0.0.47)
      FSharp.Core (>= 3.1.2.1)
    NUnit.Runners (2.6.4)
