NUGET
  remote: https://nuget.org/api/v2
  specs:
    FAKE (3.35.5)
    FsCheck (1.0.4)
    FsPickler (1.2.10)
    NUnit.Runners (2.6.4)
